GEM
  remote: http://rubygems.org/
  specs:
    puma (2.11.0)
      rack (>= 1.1, < 2.0)
    rack (1.6.0)
    rack-protection (1.5.3)
      rack
    sinatra (1.4.5)
      rack (~> 1.4)
      rack-protection (~> 1.4)
      tilt (~> 1.3, >= 1.3.4)
    tilt (1.4.1)

PLATFORMS
  ruby

DEPENDENCIES
  puma
  sinatra

RUBY VERSION
   ruby 2.2.0p0

BUNDLED WITH
   1.16.0
